GEM
  remote: https://rubygems.org/
  specs:
    aws-sdk (2.2.8)
      aws-sdk-resources (= 2.2.8)
    aws-sdk-core (2.2.8)
      jmespath (~> 1.0)
    aws-sdk-resources (2.2.8)
      aws-sdk-core (= 2.2.8)
    cloudformation-ruby-dsl (1.0.5)
      aws-sdk
      bundler
      detabulator
      diffy
      highline
      json
      rake
    detabulator (0.1.0)
    diffy (3.1.0)
    highline (1.7.8)
    jmespath (1.1.3)
    json (1.8.3)
    rake (10.4.2)

PLATFORMS
  ruby

DEPENDENCIES
  cloudformation-ruby-dsl

BUNDLED WITH
   1.10.6
